GEM
  remote: http://rubygems.org/
  specs:
    activemodel (3.2.6)
      activesupport (= 3.2.6)
      builder (~> 3.0.0)
    activesupport (3.2.6)
      i18n (~> 0.6)
      multi_json (~> 1.0)
    aws-s3 (0.6.2)
      builder
      mime-types
      xml-simple
    bson (1.6.4)
    bson_ext (1.6.4)
      bson (~> 1.6.4)
    builder (3.0.0)
    daemons (1.1.5)
    eventmachine (0.12.10)
    hashie (1.2.0)
    i18n (0.6.0)
    json_pure (1.6.3)
    mime-types (1.17.2)
    mongo (1.6.2)
      bson (~> 1.6.2)
    mongoid (2.4.11)
      activemodel (~> 3.1)
      mongo (<= 1.6.2)
      tzinfo (~> 0.3.22)
    multi_json (1.3.6)
    rack (1.3.3)
    rack-protection (1.1.4)
      rack
    rest-client (1.6.7)
      mime-types (>= 1.16)
    sinatra (1.3.0)
      rack (~> 1.3)
      rack-protection (~> 1.1)
      tilt (~> 1.3)
    thin (1.3.1)
      daemons (>= 1.0.9)
      eventmachine (>= 0.12.6)
      rack (>= 1.0.0)
    tilt (1.3.3)
    tropo-webapi-ruby (0.1.11)
      hashie (>= 0.2.0)
      json_pure (>= 1.2.0)
    tzinfo (0.3.33)
    xml-simple (1.1.1)

PLATFORMS
  ruby

DEPENDENCIES
  activesupport
  aws-s3
  bson_ext (~> 1.4)
  mongoid (~> 2.3)
  rack (= 1.3.3)
  rest-client
  sinatra
  thin
  tropo-webapi-ruby
